GIT
  remote: https://github.com/timdorr/tesla-api
  revision: 19326d4848e53689cb194f96570b65f7bcf89dd0
  specs:
    tesla_api (1.4.1)
      em-http-request
      faye-websocket
      httparty

GEM
  remote: https://rubygems.org/
  specs:
    addressable (2.5.2)
      public_suffix (>= 2.0.2, < 4.0)
    coderay (1.1.2)
    cookiejar (0.3.3)
    domain_name (0.5.20180417)
      unf (>= 0.0.5, < 1.0.0)
    em-http-request (1.1.5)
      addressable (>= 2.3.4)
      cookiejar (!= 0.3.1)
      em-socksify (>= 0.3)
      eventmachine (>= 1.0.3)
      http_parser.rb (>= 0.6.0)
    em-socksify (0.3.2)
      eventmachine (>= 1.0.0.beta.4)
    eventmachine (1.2.7)
    faye-websocket (0.10.7)
      eventmachine (>= 0.12.0)
      websocket-driver (>= 0.5.1)
    http-cookie (1.0.3)
      domain_name (~> 0.5)
    http_parser.rb (0.6.0)
    httparty (0.16.3)
      mime-types (~> 3.0)
      multi_xml (>= 0.5.2)
    influxdb (0.6.4)
    method_source (0.9.2)
    mime-types (3.2.2)
      mime-types-data (~> 3.2015)
    mime-types-data (3.2018.0812)
    multi_xml (0.6.0)
    netrc (0.11.0)
    pry (0.12.2)
      coderay (~> 1.1.0)
      method_source (~> 0.9.0)
    pry-doc (0.13.5)
      pry (~> 0.11)
      yard (~> 0.9.11)
    public_suffix (3.0.3)
    rest-client (2.0.2)
      http-cookie (>= 1.0.2, < 2.0)
      mime-types (>= 1.16, < 4.0)
      netrc (~> 0.8)
    thor (0.20.3)
    unf (0.1.4)
      unf_ext
    unf_ext (0.0.7.5)
    websocket-driver (0.7.0)
      websocket-extensions (>= 0.1.0)
    websocket-extensions (0.1.3)
    yard (0.9.20)

PLATFORMS
  ruby

DEPENDENCIES
  influxdb
  method_source (>= 0.8.2)
  pry
  pry-doc (>= 0.6.0)
  rest-client
  tesla_api!
  thor

BUNDLED WITH
   1.17.2
