GIT
  remote: https://github.com/timdorr/tesla-api.git
  revision: dfd3bba835605c9b20198904e2c26992b4c6a6eb
  specs:
    tesla_api (3.0.4)
      async-websocket
      faraday
      faraday_middleware

GEM
  remote: https://rubygems.org/
  specs:
    async (1.23.0)
      console (~> 1.0)
      nio4r (~> 2.3)
      timers (~> 4.1)
    async-http (0.49.0)
      async (~> 1.23)
      async-io (~> 1.27.0)
      protocol-http (~> 0.13.0)
      protocol-http1 (~> 0.10.0)
      protocol-http2 (~> 0.10.0)
    async-io (1.27.0)
      async (~> 1.14)
    async-websocket (0.13.1)
      async-http (~> 0.43)
      async-io (~> 1.23)
      protocol-websocket (~> 0.7.0)
    coderay (1.1.2)
    console (1.5.0)
    domain_name (0.5.20190701)
      unf (>= 0.0.5, < 1.0.0)
    faraday (0.17.0)
      multipart-post (>= 1.2, < 3)
    faraday_middleware (0.13.1)
      faraday (>= 0.7.4, < 1.0)
    http-accept (1.7.0)
    http-cookie (1.0.3)
      domain_name (~> 0.5)
    influxdb (0.7.0)
    method_source (0.9.2)
    mime-types (3.3)
      mime-types-data (~> 3.2015)
    mime-types-data (3.2019.1009)
    multipart-post (2.1.1)
    netrc (0.11.0)
    nio4r (2.5.2)
    protocol-hpack (1.4.1)
    protocol-http (0.13.0)
    protocol-http1 (0.10.0)
      protocol-http (~> 0.13)
    protocol-http2 (0.10.3)
      protocol-hpack (~> 1.4)
      protocol-http (~> 0.2)
    protocol-websocket (0.7.3)
      protocol-http (~> 0.2)
      protocol-http1 (~> 0.2)
    pry (0.12.2)
      coderay (~> 1.1.0)
      method_source (~> 0.9.0)
    pry-doc (1.0.0)
      pry (~> 0.11)
      yard (~> 0.9.11)
    rest-client (2.1.0)
      http-accept (>= 1.7.0, < 2.0)
      http-cookie (>= 1.0.2, < 2.0)
      mime-types (>= 1.16, < 4.0)
      netrc (~> 0.8)
    thor (0.20.3)
    timers (4.3.0)
    unf (0.1.4)
      unf_ext
    unf_ext (0.0.7.6)
    yard (0.9.20)

PLATFORMS
  ruby

DEPENDENCIES
  influxdb
  method_source (>= 0.8.2)
  pry
  pry-doc (>= 0.6.0)
  rest-client
  tesla_api!
  thor

BUNDLED WITH
   2.0.2
