GIT
  remote: https://github.com/jeffkowalski/influxdb-ruby.git
  revision: 1cfcc503b96b7e275a7f629def3a42d7357d9b93
  specs:
    influxdb (0.7.1)

GIT
  remote: https://github.com/timdorr/tesla-api.git
  revision: 9b58e193f353ea5034052ef3c62f6ea05ba54066
  specs:
    tesla_api (3.0.4)
      async-websocket
      faraday
      faraday_middleware

GEM
  remote: https://rubygems.org/
  specs:
    async (1.26.2)
      console (~> 1.0)
      nio4r (~> 2.3)
      timers (~> 4.1)
    async-http (0.52.4)
      async (~> 1.25)
      async-io (~> 1.28)
      async-pool (~> 0.2)
      protocol-http (~> 0.20.0)
      protocol-http1 (~> 0.13.0)
      protocol-http2 (~> 0.14.0)
    async-io (1.30.0)
      async (~> 1.14)
    async-pool (0.3.2)
      async (~> 1.25)
    async-websocket (0.15.0)
      async-http (~> 0.51)
      async-io (~> 1.23)
      protocol-websocket (~> 0.7.0)
    coderay (1.1.3)
    console (1.9.0)
    domain_name (0.5.20190701)
      unf (>= 0.0.5, < 1.0.0)
    faraday (1.0.1)
      multipart-post (>= 1.2, < 3)
    faraday_middleware (1.0.0)
      faraday (~> 1.0)
    http-accept (1.7.0)
    http-cookie (1.0.3)
      domain_name (~> 0.5)
    method_source (1.0.0)
    mime-types (3.3.1)
      mime-types-data (~> 3.2015)
    mime-types-data (3.2020.0512)
    multipart-post (2.1.1)
    netrc (0.11.0)
    nio4r (2.5.2)
    protocol-hpack (1.4.2)
    protocol-http (0.20.0)
    protocol-http1 (0.13.0)
      protocol-http (~> 0.19)
    protocol-http2 (0.14.0)
      protocol-hpack (~> 1.4)
      protocol-http (~> 0.18)
    protocol-websocket (0.7.4)
      protocol-http (~> 0.2)
      protocol-http1 (~> 0.2)
    pry (0.13.1)
      coderay (~> 1.1)
      method_source (~> 1.0)
    pry-doc (1.1.0)
      pry (~> 0.11)
      yard (~> 0.9.11)
    rest-client (2.1.0)
      http-accept (>= 1.7.0, < 2.0)
      http-cookie (>= 1.0.2, < 2.0)
      mime-types (>= 1.16, < 4.0)
      netrc (~> 0.8)
    thor (1.0.1)
    timers (4.3.2)
    unf (0.1.4)
      unf_ext
    unf_ext (0.0.7.7)
    yard (0.9.25)

PLATFORMS
  ruby

DEPENDENCIES
  influxdb!
  method_source (>= 0.8.2)
  pry
  pry-doc (>= 0.6.0)
  rest-client
  tesla_api!
  thor

BUNDLED WITH
   2.1.4
